GEM
  remote: https://rubygems.org/
  specs:
    amazing_print (1.2.2)
    multi_json (1.15.0)
    mustermann (1.1.1)
      ruby2_keywords (~> 0.0.1)
    rack (2.2.3)
    rack-contrib (2.3.0)
      rack (~> 2.0)
    rack-protection (2.1.0)
      rack
    rake (13.0.3)
    ruby2_keywords (0.0.4)
    sinatra (2.1.0)
      mustermann (~> 1.0)
      rack (~> 2.2)
      rack-protection (= 2.1.0)
      tilt (~> 2.0)
    sinatra-contrib (2.1.0)
      multi_json
      mustermann (~> 1.0)
      rack-protection (= 2.1.0)
      sinatra (= 2.1.0)
      tilt (~> 2.0)
    sinatra-cross_origin (0.4.0)
    sqlite3 (1.4.2)
    tilt (2.0.10)

PLATFORMS
  ruby

DEPENDENCIES
  amazing_print (~> 1.2)
  rack-contrib (~> 2.3)
  rake (~> 13.0)
  sinatra (~> 2.1)
  sinatra-contrib (~> 2.1)
  sinatra-cross_origin (~> 0.4.0)
  sqlite3

RUBY VERSION
   ruby 2.7.3p183

BUNDLED WITH
   2.1.4
